GEM
  remote: http://rubygems.org/
  specs:
    aws-s3 (0.6.2)
      builder
      mime-types
      xml-simple
    builder (3.0.0)
    git (1.2.5)
    jeweler (1.6.4)
      bundler (~> 1.0)
      git (>= 1.2.5)
      rake
    mime-types (1.16)
    rake (0.9.2)
    rcov (0.9.9)
    shoulda (2.11.3)
    trollop (1.16.2)
    xml-simple (1.1.0)
    yajl-ruby (0.8.2)

PLATFORMS
  ruby

DEPENDENCIES
  aws-s3 (= 0.6.2)
  bundler (~> 1.0.0)
  jeweler (~> 1.6.4)
  rcov
  shoulda
  trollop (= 1.16.2)
  yajl-ruby (= 0.8.2)
